GEM
  remote: https://rubygems.org/
  specs:
    atk (2.2.5)
      glib2 (= 2.2.5)
    cairo (1.14.1)
      pkg-config (>= 1.1.5)
    gdk_pixbuf2 (2.2.5)
      glib2 (= 2.2.5)
    glib2 (2.2.5)
      pkg-config
    gtk2 (2.2.5)
      atk (= 2.2.5)
      gdk_pixbuf2 (= 2.2.5)
      pango (= 2.2.5)
    pango (2.2.5)
      cairo (>= 1.14.0)
      glib2 (= 2.2.5)
    pkg-config (1.1.6)

PLATFORMS
  ruby

DEPENDENCIES
  gtk2
